GEM
  remote: http://rubygems.org/
  specs:
    evoker (0.0.10)
      rake (>= 0.9.2)
    rake (0.9.2.2)

PLATFORMS
  ruby

DEPENDENCIES
  evoker (>= 0.0.10)
  rake
