GEM
  remote: http://rubygems.org/
  specs:
    arr-pm (0.0.7)
      cabin (> 0)
    backports (2.6.2)
    cabin (0.6.0)
    clamp (0.3.1)
    diff-lcs (1.2.0)
    escape (0.0.4)
    evoker (0.0.10)
      rake (>= 0.9.2)
    fpm (0.4.29)
      arr-pm (~> 0.0.7)
      backports (= 2.6.2)
      cabin (>= 0.6.0)
      clamp (= 0.3.1)
      json (= 1.6.6)
      open4
    grit (2.5.0)
      diff-lcs (~> 1.1)
      mime-types (~> 1.15)
      posix-spawn (~> 0.3.6)
    json (1.6.6)
    mime-types (1.20.1)
    mixlib-config (1.1.2)
    open4 (1.3.0)
    posix-spawn (0.3.6)
    rake (0.9.2.2)
    thor (0.17.0)
    vendorificator (0.1.0)
      escape
      grit
      mixlib-config
      thor (>= 0.17.0)

PLATFORMS
  ruby

DEPENDENCIES
  evoker (>= 0.0.10)
  fpm
  rake
  vendorificator
